PATH
  remote: .
  specs:
    high_school (0.1.3)

GEM
  remote: https://rubygems.org/
  specs:
    minitest (5.17.0)
    rake (13.0.6)
    redis (4.8.0)

PLATFORMS
  ruby

DEPENDENCIES
  high_school!
  minitest (~> 5.0)
  rake (~> 13.0)
  redis

BUNDLED WITH
   2.3.22
